GEM
  remote: https://rubygems.org/
  specs:
    haml (5.1.2)
      temple (>= 0.8.0)
      tilt
    rake (12.3.3)
    temple (0.8.2)
    tilt (2.0.9)

PLATFORMS
  ruby

DEPENDENCIES
  haml
  rake

BUNDLED WITH
   1.17.3
